GEM
  remote: https://rubygems.org/
  specs:
    POpen4 (0.1.4)
      Platform (>= 0.4.0)
      open4
    Platform (0.4.0)
    asciidoctor (0.1.4)
    awestruct (0.5.4.rc)
      bootstrap-sass (>= 2.3.1.0)
      compass (>= 0.12.1)
      compass-960-plugin (~> 0.10.4)
      haml (~> 4.0.1)
      listen (>= 0.7.3)
      nokogiri (= 1.5.10)
      rack (~> 1.5.2)
      rest-client (>= 1.6.7)
      ruby-s3cmd (~> 0.1.5)
      tilt (>= 1.3.6)
      zurb-foundation (~> 4)
    bootstrap-sass (2.3.2.2)
      sass (~> 3.2)
    chunky_png (1.2.8)
    coderay (1.1.0)
    commonjs (0.2.7)
    compass (0.12.2)
      chunky_png (~> 1.2)
      fssm (>= 0.2.7)
      sass (~> 3.1)
    compass-960-plugin (0.10.4)
      compass (>= 0.10.0)
    cssminify (1.0.2)
    execjs (2.0.2)
    ffi (1.9.0)
    fssm (0.2.10)
    git (1.2.6)
    haml (4.0.3)
      tilt
    htmlcompressor (0.0.7)
      yui-compressor (~> 0.9.6)
    json (1.7.7)
    kramdown (1.0.2)
    less (2.3.3)
      commonjs (~> 0.2.6)
    libv8 (3.11.8.17)
    listen (1.3.1)
      rb-fsevent (>= 0.9.3)
      rb-inotify (>= 0.9)
      rb-kqueue (>= 0.2)
    mime-types (1.25)
    multi_json (1.8.0)
    nokogiri (1.5.10)
    open4 (1.3.0)
    rack (1.5.2)
    rb-fsevent (0.9.3)
    rb-inotify (0.9.2)
      ffi (>= 0.5.0)
    rb-kqueue (0.2.0)
      ffi (>= 0.5.0)
    ref (1.0.5)
    rest-client (1.6.7)
      mime-types (>= 1.16)
    ruby-s3cmd (0.1.5)
    sass (3.2.11)
    therubyracer (0.11.4)
      libv8 (~> 3.11.8.12)
      ref
    tilt (1.4.1)
    trollop (2.0)
    uglifier (2.0.1)
      execjs (>= 0.3.0)
      multi_json (~> 1.0, >= 1.0.2)
    yui-compressor (0.9.6)
      POpen4 (>= 0.1.4)
    zurb-foundation (4.3.2)
      sass (>= 3.2.0)

PLATFORMS
  ruby

DEPENDENCIES
  asciidoctor (~> 0.1.4)
  awestruct (~> 0.5.4.rc)
  coderay (~> 1.1.0)
  cssminify (~> 1.0.2)
  git (~> 1.2.6)
  htmlcompressor (~> 0.0.3)
  json (~> 1.7.7)
  kramdown (~> 1.0.1)
  less (~> 2.3.2)
  rb-fsevent (~> 0.9.3)
  therubyracer (~> 0.11.4)
  therubyrhino (~> 1.73)
  trollop (~> 2.0)
  uglifier (~> 2.0.1)
